GEM
  remote: https://rubygems.org/
  specs:
    base64 (0.2.0)
    colorize (1.1.0)
    eventmachine (1.2.7)
    faye-websocket (0.11.3)
      eventmachine (>= 0.12.0)
      websocket-driver (>= 0.5.1)
    websocket-driver (0.7.7)
      base64
      websocket-extensions (>= 0.1.0)
    websocket-extensions (0.1.5)

PLATFORMS
  arm64-darwin-23
  ruby

DEPENDENCIES
  colorize
  eventmachine
  faye-websocket
  websocket-driver

BUNDLED WITH
   2.5.23
